GEM
  remote: https://rubygems.org/
  specs:
    bson (4.3.0)
    bson_ext (1.5.1)
    codecov (0.1.10)
      json
      simplecov
      url
    deep_merge (1.2.1)
    diff-lcs (1.3)
    docile (1.3.1)
    dotenv (2.5.0)
    json (2.1.0)
    mongo (2.6.2)
      bson (>= 4.3.0, < 5.0.0)
    mustermann (1.0.3)
    rack (2.0.5)
    rack-cors (1.0.2)
    rack-protection (2.0.3)
      rack
    rack-test (1.1.0)
      rack (>= 1.0, < 3)
    rspec (3.8.0)
      rspec-core (~> 3.8.0)
      rspec-expectations (~> 3.8.0)
      rspec-mocks (~> 3.8.0)
    rspec-core (3.8.0)
      rspec-support (~> 3.8.0)
    rspec-expectations (3.8.1)
      diff-lcs (>= 1.2.0, < 2.0)
      rspec-support (~> 3.8.0)
    rspec-mocks (3.8.0)
      diff-lcs (>= 1.2.0, < 2.0)
      rspec-support (~> 3.8.0)
    rspec-support (3.8.0)
    simplecov (0.16.1)
      docile (~> 1.1)
      json (>= 1.8, < 3)
      simplecov-html (~> 0.10.0)
    simplecov-html (0.10.2)
    sinatra (2.0.3)
      mustermann (~> 1.0)
      rack (~> 2.0)
      rack-protection (= 2.0.3)
      tilt (~> 2.0)
    sinatra-cross_origin (0.4.0)
    tilt (2.0.8)
    url (0.3.2)

PLATFORMS
  ruby

DEPENDENCIES
  bson_ext
  codecov
  deep_merge
  dotenv
  json
  mongo
  rack-cors
  rack-test
  rspec (~> 3.0)
  simplecov
  sinatra
  sinatra-cross_origin

BUNDLED WITH
   1.16.1
